PATH
  remote: .
  specs:
    swimlane (0.0.1)
      bundler

GEM
  remote: http://rubygems.org/
  specs:

PLATFORMS
  ruby

DEPENDENCIES
  swimlane!
