PATH
  remote: .
  specs:
    swimlane (0.0.1)
      bundler
      rake
      rspec
      travis-lint
      treetop

GEM
  remote: http://rubygems.org/
  specs:
    diff-lcs (1.1.3)
    hashr (0.0.19)
    polyglot (0.3.3)
    rake (0.9.2.2)
    rspec (2.8.0)
      rspec-core (~> 2.8.0)
      rspec-expectations (~> 2.8.0)
      rspec-mocks (~> 2.8.0)
    rspec-core (2.8.0)
    rspec-expectations (2.8.0)
      diff-lcs (~> 1.1.2)
    rspec-mocks (2.8.0)
    travis-lint (1.2.0)
      hashr (>= 0.0.19)
    treetop (1.4.10)
      polyglot
      polyglot (>= 0.3.1)

PLATFORMS
  ruby

DEPENDENCIES
  swimlane!
